GIT
  remote: https://github.com/izwick-schachter/se-api
  revision: 59678146183f27a98cc551e489a3c463a1aafdfb
  branch: master
  specs:
    se-api (0.0.0.beta1)

GIT
  remote: https://github.com/izwick-schachter/se-realtime
  revision: d8436a64fb154953b923711a4d66737cf6340b08
  branch: master
  specs:
    se-realtime (0.0.1)
      mechanize (~> 2.7)
      nokogiri (~> 1.8)
      openssl (~> 2.1)
      permessage_deflate (~> 0.1)
      websocket-driver (~> 0.6)

GIT
  remote: https://gitlab.com/izwick-schachter/ChatX
  revision: 73be8629f570c226522deecbdea924383c5aa8b7
  branch: master
  specs:
    chatx (0.0.0.pre.pre3)
      htmlentities (~> 4.3)
      mechanize (~> 2.7)
      nokogiri (~> 1.8)
      permessage_deflate (~> 0.1)
      websocket-driver (~> 0.6)

GEM
  remote: https://rubygems.org/
  specs:
    activemodel (5.2.1)
      activesupport (= 5.2.1)
    activerecord (5.2.1)
      activemodel (= 5.2.1)
      activesupport (= 5.2.1)
      arel (>= 9.0)
    activesupport (5.2.1)
      concurrent-ruby (~> 1.0, >= 1.0.2)
      i18n (>= 0.7, < 2)
      minitest (~> 5.1)
      tzinfo (~> 1.1)
    arel (9.0.0)
    byebug (10.0.2)
    classifier-reborn (2.1.0)
      fast-stemmer (~> 1.0)
    coderay (1.1.2)
    concurrent-ruby (1.0.5)
    connection_pool (2.2.2)
    domain_name (0.5.20180417)
      unf (>= 0.0.5, < 1.0.0)
    fast-stemmer (1.0.2)
    htmlentities (4.3.4)
    http-cookie (1.0.3)
      domain_name (~> 0.5)
    httparty (0.16.2)
      multi_xml (>= 0.5.2)
    i18n (1.1.0)
      concurrent-ruby (~> 1.0)
    mechanize (2.7.6)
      domain_name (~> 0.5, >= 0.5.1)
      http-cookie (~> 1.0)
      mime-types (>= 1.17.2)
      net-http-digest_auth (~> 1.1, >= 1.1.1)
      net-http-persistent (>= 2.5.2)
      nokogiri (~> 1.6)
      ntlm-http (~> 0.1, >= 0.1.1)
      webrobots (>= 0.0.9, < 0.2)
    method_source (0.9.0)
    mime-types (3.2.2)
      mime-types-data (~> 3.2015)
    mime-types-data (3.2018.0812)
    mini_portile2 (2.3.0)
    minitest (5.11.3)
    multi_xml (0.6.0)
    net-http-digest_auth (1.4.1)
    net-http-persistent (3.0.0)
      connection_pool (~> 2.2)
    nokogiri (1.8.5)
      mini_portile2 (~> 2.3.0)
    ntlm-http (0.1.1)
    openssl (2.1.1)
    permessage_deflate (0.1.4)
    pry (0.11.3)
      coderay (~> 1.1.0)
      method_source (~> 0.9.0)
    pry-byebug (3.6.0)
      byebug (~> 10.0)
      pry (~> 0.10)
    rake (12.3.1)
    sqlite3 (1.3.13)
    thread_safe (0.3.6)
    tzinfo (1.2.5)
      thread_safe (~> 0.1)
    unf (0.1.4)
      unf_ext
    unf_ext (0.0.7.5)
    webrobots (0.1.2)
    websocket-driver (0.7.0)
      websocket-extensions (>= 0.1.0)
    websocket-extensions (0.1.3)

PLATFORMS
  ruby

DEPENDENCIES
  activerecord
  chatx!
  classifier-reborn (= 2.1.0)
  htmlentities
  httparty
  pry
  pry-byebug
  rake
  se-api!
  se-realtime!
  sqlite3

BUNDLED WITH
   1.16.2
